GEM
  remote: https://rubygems.org/
  specs:
    power_assert (0.2.4)
    rake (10.4.2)
    test-unit (3.1.3)
      power_assert
    zip (2.0.2)

PLATFORMS
  ruby

DEPENDENCIES
  rake
  test-unit
  zip

BUNDLED WITH
   1.10.6
