GEM
  remote: https://rubygems.org/
  specs:
    rake (10.4.2)
    zip (2.0.2)

PLATFORMS
  ruby

DEPENDENCIES
  rake
  zip
